GIT
  remote: git://github.com/redis/redis-rb.git
  revision: 24c4858afbc2b87fe032a417549e0bfa70aa0133
  specs:
    redis (3.0.2)

GEM
  remote: http://rubygems.org/
  specs:
    mime-types (1.20.1)
    minitest (4.5.0)
    rack (1.5.1)
    rack-protection (1.3.2)
      rack
    rack-test (0.6.2)
      rack (>= 1.0)
    rest-client (1.6.7)
      mime-types (>= 1.16)
    sinatra (1.3.4)
      rack (~> 1.4)
      rack-protection (~> 1.3)
      tilt (~> 1.3, >= 1.3.3)
    tilt (1.3.3)

PLATFORMS
  ruby

DEPENDENCIES
  minitest
  rack-test
  redis!
  rest-client
  sinatra
